GEM
  remote: https://rubygems.org/
  specs:
    base58-alphabets (1.0.0)
    bigdecimal (3.3.1)
    dotenv (2.8.1)
    google-protobuf (3.25.8)
    google-protobuf (3.25.8-x86_64-darwin)
    keccak (1.3.2)
    mini_portile2 (2.8.9)
    pkg-config (1.6.4)
    rbsecp256k1 (5.1.1)
      mini_portile2 (~> 2.8)
      pkg-config (~> 1.5)
      rubyzip (~> 2.3)
    rubyzip (2.4.1)
    securerandom (0.4.1)
    tron.rb (1.1.3)
      base58-alphabets (~> 1.0)
      dotenv (~> 2.8)
      google-protobuf (~> 3.22)
      keccak (~> 1.3)
      rbsecp256k1 (~> 5.1)

PLATFORMS
  ruby
  x86_64-darwin-22

DEPENDENCIES
  bigdecimal
  dotenv
  securerandom
  tron.rb (~> 1.1.3)

BUNDLED WITH
   2.7.2
